GIT
  remote: https://github.com/DatabaseCleaner/database_cleaner-mongoid.git
  revision: 8873b75559ccb21e744de1b1681ab9ab26735802
  specs:
    database_cleaner-mongoid (2.0.0)

GEM
  remote: https://rubygems.org/
  specs:
    ZenTest (4.11.1)
    activemodel (4.2.1)
      activesupport (= 4.2.1)
      builder (~> 3.1)
    activesupport (4.2.1)
      i18n (~> 0.7)
      json (~> 1.7, >= 1.7.7)
      minitest (~> 5.1)
      thread_safe (~> 0.3, >= 0.3.4)
      tzinfo (~> 1.1)
    autotest (4.4.6)
      ZenTest (>= 4.4.1)
    autotest-growl (0.2.16)
    backports (3.6.4)
    bson (4.2.1)
    builder (3.2.2)
    byebug (9.0.6)
    database_cleaner (1.5.1)
    diff-lcs (1.3)
    docile (1.1.5)
    i18n (0.7.0)
    json (1.8.2)
    jwt (1.5.6)
    mail (2.6.4)
      mime-types (>= 1.16, < 4)
    mime-types (3.1)
      mime-types-data (~> 3.2015)
    mime-types-data (3.2016.0521)
    minitest (5.6.1)
    mongo (2.4.1)
      bson (>= 4.2.1, < 5.0.0)
    mongoid (5.2.0)
      activemodel (~> 4.0)
      mongo (>= 2.4.1, < 3.0.0)
      origin (~> 2.3)
      tzinfo (>= 0.3.37)
    multi_json (1.11.0)
    origin (2.3.0)
    pg (0.18.2)
    pony (1.11)
      mail (>= 2.0)
    rack (1.6.1)
    rack-protection (1.5.3)
      rack
    rack-test (0.6.3)
      rack (>= 1.0)
    rake (10.4.2)
    rspec (3.5.0)
      rspec-core (~> 3.5.0)
      rspec-expectations (~> 3.5.0)
      rspec-mocks (~> 3.5.0)
    rspec-core (3.5.4)
      rspec-support (~> 3.5.0)
    rspec-expectations (3.5.0)
      diff-lcs (>= 1.2.0, < 2.0)
      rspec-support (~> 3.5.0)
    rspec-mocks (3.5.0)
      diff-lcs (>= 1.2.0, < 2.0)
      rspec-support (~> 3.5.0)
    rspec-support (3.5.0)
    simplecov (0.13.0)
      docile (~> 1.1.0)
      json (>= 1.8, < 3)
      simplecov-html (~> 0.10.0)
    simplecov-html (0.10.0)
    sinatra (1.4.6)
      rack (~> 1.4)
      rack-protection (~> 1.4)
      tilt (>= 1.3, < 3)
    sinatra-contrib (1.4.2)
      backports (>= 2.0)
      multi_json
      rack-protection
      rack-test
      sinatra (~> 1.4.0)
      tilt (~> 1.3)
    sinatra-reloader (1.0)
      sinatra-contrib
    sinatra-strong-params (0.0.3)
      sinatra (>= 1.4.0)
    thread_safe (0.3.5)
    tilt (1.4.1)
    twilio-ruby (4.13.0)
      builder (>= 2.1.2)
      jwt (~> 1.0)
      multi_json (>= 1.3.0)
    tzinfo (1.2.2)
      thread_safe (~> 0.1)

PLATFORMS
  ruby

DEPENDENCIES
  activesupport
  autotest
  autotest-growl
  byebug
  database_cleaner
  database_cleaner-mongoid!
  json
  mongoid
  pg
  pony
  rack-test
  rake
  rspec
  rspec-core
  simplecov
  sinatra
  sinatra-contrib
  sinatra-reloader
  sinatra-strong-params
  twilio-ruby
  tzinfo-data

BUNDLED WITH
   1.13.2
